GEM
  remote: https://rubygems.org/
  specs:
    colorize (0.8.1)

PLATFORMS
  x86_64-linux

DEPENDENCIES
  colorize

RUBY VERSION
   ruby 2.7.4p191

BUNDLED WITH
   2.3.23
